PATH
  remote: .
  specs:
    turbot (0.0.2)
      activesupport
      excon
      json-schema
      launchy (>= 0.3.2)
      netrc (~> 0.7.7)
      rest-client (~> 1.6.1)
      rubyzip (>= 1.0.0)
      turbot-api

GEM
  remote: https://rubygems.org/
  specs:
    actionpack (4.0.5)
      activesupport (= 4.0.5)
      builder (~> 3.1.0)
      erubis (~> 2.7.0)
      rack (~> 1.5.2)
      rack-test (~> 0.6.2)
    activesupport (4.0.5)
      i18n (~> 0.6, >= 0.6.9)
      minitest (~> 4.2)
      multi_json (~> 1.3)
      thread_safe (~> 0.1)
      tzinfo (~> 0.3.37)
    addressable (2.3.2)
    arr-pm (0.0.7)
      cabin (> 0)
    aws-s3 (0.6.3)
      builder
      mime-types
      xml-simple
    backports (2.3.0)
    builder (3.1.4)
    cabin (0.4.4)
      json
    clamp (0.5.0)
    columnize (0.3.6)
    crack (0.3.2)
    debugger (1.6.5)
      columnize (>= 0.3.1)
      debugger-linecache (~> 1.2.0)
      debugger-ruby_core_source (~> 1.3.1)
    debugger-linecache (1.2.0)
    debugger-ruby_core_source (1.3.1)
    diff-lcs (1.1.3)
    erubis (2.7.0)
    excon (0.33.0)
    fakefs (0.4.2)
    fpm (0.4.6)
      arr-pm (~> 0.0.7)
      backports (= 2.3.0)
      cabin (~> 0.4.3)
      clamp
      json
    i18n (0.6.9)
    json (1.7.7)
    json-schema (2.2.2)
    launchy (2.4.2)
      addressable (~> 2.3)
    mime-types (1.21)
    minitest (4.7.5)
    multi_json (1.10.1)
    netrc (0.7.7)
    rack (1.5.2)
    rack-test (0.6.2)
      rack (>= 1.0)
    rake (10.0.3)
    rest-client (1.6.7)
      mime-types (>= 1.16)
    rr (1.0.4)
    rspec (2.12.0)
      rspec-core (~> 2.12.0)
      rspec-expectations (~> 2.12.0)
      rspec-mocks (~> 2.12.0)
    rspec-core (2.12.2)
    rspec-expectations (2.12.1)
      diff-lcs (~> 1.1.3)
    rspec-mocks (2.12.2)
    rubyzip (1.1.4)
    sqlite3 (1.3.7)
    sqlite3 (1.3.7-x86-mingw32)
    thread_safe (0.3.4)
    turbot-api (0.0.3)
      actionpack (~> 4.0.3)
      rest-client (~> 1.6.1)
      rubyzip
    tzinfo (0.3.39)
    webmock (1.9.0)
      addressable (>= 2.2.7)
      crack (>= 0.1.7)
    xml-simple (1.1.2)

PLATFORMS
  ruby
  x86-mingw32

DEPENDENCIES
  aws-s3
  debugger
  excon
  fakefs
  fpm
  jruby-openssl
  json
  rake (>= 0.8.7)
  rr (~> 1.0.2)
  rspec (>= 2.0)
  sqlite3
  turbot!
  webmock
